PATH
  remote: .
  specs:
    gem-release (0.1.2)

GEM
  remote: http://rubygems.org/
  specs:
    mocha (0.9.12)
    test_declarative (0.0.5)

PLATFORMS
  ruby

DEPENDENCIES
  gem-release!
  mocha (>= 0.9.8)
  test_declarative (>= 0.0.2)
